GEM
  remote: http://rubygems.org/
  specs:
    addressable (2.3.5)
    espn (0.2.0)
      addressable (~> 2.2)
      faraday (~> 0.8)
      faraday_middleware (~> 0.8)
      hashie (~> 1.2)
      multi_json (~> 1.3)
      oauth (~> 0.4)
      uri_template (~> 0.6)
    faraday (0.8.9)
      multipart-post (~> 1.2.0)
    faraday_middleware (0.9.0)
      faraday (>= 0.7.4, < 0.9)
    hashie (1.2.0)
    multi_json (1.9.0)
    multipart-post (1.2.0)
    oauth (0.4.7)
    uri_template (0.6.0)

PLATFORMS
  ruby

DEPENDENCIES
  espn
